GEM
  remote: https://rubygems.org/
  specs:
    coderay (1.1.3)
    method_source (1.0.0)
    pry (0.14.2)
      coderay (~> 1.1)
      method_source (~> 1.0)

PLATFORMS
  arm64-darwin-22

DEPENDENCIES
  pry

RUBY VERSION
   ruby 3.2.2p53

BUNDLED WITH
   2.4.18
